GEM
  remote: http://rubygems.org/
  specs:
    engtagger (0.1.2)
    faraday (0.8.6)
      multipart-post (~> 1.1)
    foreman (0.62.0)
      thor (>= 0.13.6)
    multi_json (1.6.1)
    multipart-post (1.2.0)
    mysql (2.9.1)
    simple_oauth (0.2.0)
    thor (0.17.0)
    twitter (4.6.0)
      faraday (~> 0.8, < 0.10)
      multi_json (~> 1.0)
      simple_oauth (~> 0.2)

PLATFORMS
  ruby

DEPENDENCIES
  engtagger
  foreman
  mysql
  twitter
